STORAGE: NONE
RESTRICTION: == net8.0
NUGET
  remote: https://api.nuget.org/v3/index.json
    BooruSharp (4.0.0-beta)
    ConcurrentHashSet (1.3)
    DetectLanguage (1.0)
      Newtonsoft.Json (>= 12.0.1)
    DSharpPlus (5.0.0-nightly-01930)
      Microsoft.Extensions.Caching.Memory (>= 7.0)
      Microsoft.Extensions.Logging.Abstractions (>= 7.0)
      Newtonsoft.Json (>= 13.0.3)
      Polly (>= 8.0)
    DSharpPlus.CommandsNext (5.0.0-nightly-01930)
      DSharpPlus (>= 5.0.0-nightly-01930)
      Microsoft.Extensions.DependencyInjection (>= 7.0)
      Microsoft.Extensions.Logging.Abstractions (>= 7.0)
    DSharpPlus.Interactivity (5.0.0-nightly-01930)
      ConcurrentHashSet (>= 1.3)
      DSharpPlus (>= 5.0.0-nightly-01930)
    DSharpPlus.Lavalink (5.0.0-nightly-01930)
      DSharpPlus (>= 5.0.0-nightly-01930)
    DSharpPlus.SlashCommands (5.0.0-nightly-01930)
      DSharpPlus (>= 5.0.0-nightly-01930)
      Microsoft.Extensions.DependencyInjection (>= 7.0)
    DSharpPlus.VoiceNext (5.0.0-nightly-01930)
      DSharpPlus (>= 5.0.0-nightly-01930)
      DSharpPlus.VoiceNext.Natives (>= 1.0)
    DSharpPlus.VoiceNext.Natives (1.0)
    FuzzierSharp (3.0.1)
    JetBrains.Annotations (2023.3)
    Microsoft.CSharp (4.7)
    Microsoft.Extensions.Caching.Abstractions (8.0)
      Microsoft.Extensions.Primitives (>= 8.0)
    Microsoft.Extensions.Caching.Memory (8.0)
      Microsoft.Extensions.Caching.Abstractions (>= 8.0)
      Microsoft.Extensions.DependencyInjection.Abstractions (>= 8.0)
      Microsoft.Extensions.Logging.Abstractions (>= 8.0)
      Microsoft.Extensions.Options (>= 8.0)
      Microsoft.Extensions.Primitives (>= 8.0)
    Microsoft.Extensions.DependencyInjection (8.0)
      Microsoft.Extensions.DependencyInjection.Abstractions (>= 8.0)
    Microsoft.Extensions.DependencyInjection.Abstractions (8.0)
    Microsoft.Extensions.Logging.Abstractions (8.0)
      Microsoft.Extensions.DependencyInjection.Abstractions (>= 8.0)
    Microsoft.Extensions.Options (8.0)
      Microsoft.Extensions.DependencyInjection.Abstractions (>= 8.0)
      Microsoft.Extensions.Primitives (>= 8.0)
    Microsoft.Extensions.Primitives (8.0)
    Newtonsoft.Json (13.0.3)
    Polly (8.2)
      Polly.Core (>= 8.2)
    Polly.Core (8.2)
    Reddit (1.5.2)
      Microsoft.CSharp (>= 4.5)
      Newtonsoft.Json (>= 11.0.2)
      RestSharp (>= 106.6.9)
    RestSharp (110.2)
      System.Text.Json (>= 7.0.2)
    Spectre.Console (0.48.1-preview.0.5)
      System.Memory (>= 4.5.5)
    Spectre.Console.Analyzer (0.48.1-preview.0.5)
    SpotifyAPI.Web (7.0.2)
      Newtonsoft.Json (>= 13.0.3)
    System.Memory (4.5.5)
    System.Text.Encodings.Web (8.0)
    System.Text.Json (8.0)
      System.Text.Encodings.Web (>= 8.0)
